RESTRICTION: == net45
NUGET
  remote: https://api.nuget.org/v3/index.json
    Cake.Core (0.21.1)
    Castle.Core (4.1.1)
    FluentAssertions (4.19.4)
    HttpMock (2.1)
      Kayak (>= 0.7.2)
    Kayak (0.7.2)
    Moq (4.7.99)
      Castle.Core (>= 4.1.1)
    Newtonsoft.Json (10.0.3) - redirects: on
    NUnit (3.8.1)
    Octokit (0.26)
    SemVer.Git.MSBuild (1.3) - content: once
